GEM
  remote: https://rubygems.org/
  specs:
    amazing_print (1.2.2)
    diff-lcs (1.4.4)
    docile (1.3.2)
    fivemat (1.3.7)
    gli (2.19.2)
    hacer (0.0.3)
    rspec (3.9.0)
      rspec-core (~> 3.9.0)
      rspec-expectations (~> 3.9.0)
      rspec-mocks (~> 3.9.0)
    rspec-core (3.9.2)
      rspec-support (~> 3.9.3)
    rspec-expectations (3.9.2)
      diff-lcs (>= 1.2.0, < 2.0)
      rspec-support (~> 3.9.0)
    rspec-mocks (3.9.1)
      diff-lcs (>= 1.2.0, < 2.0)
      rspec-support (~> 3.9.0)
    rspec-snapshot (0.1.2)
      rspec (> 3.0.0)
    rspec-support (3.9.3)
    simplecov (0.18.5)
      docile (~> 1.1)
      simplecov-html (~> 0.11)
    simplecov-html (0.12.2)

PLATFORMS
  ruby

DEPENDENCIES
  amazing_print!
  fivemat!
  gli!
  hacer!
  rspec!
  rspec-snapshot!
  simplecov!

BUNDLED WITH
   2.1.4
